GEM
  remote: http://rubygems.org/
  specs:
    json (1.8.2)
    mini_portile (0.6.1)
    nokogiri (1.6.5)
      mini_portile (~> 0.6.0)

PLATFORMS
  ruby

DEPENDENCIES
  json
  nokogiri
